GEM
  remote: https://rubygems.org/
  specs:
    activesupport (3.2.8)
      i18n (~> 0.6)
      multi_json (~> 1.0)
    i18n (0.6.0)
    multi_json (1.3.6)
    nokogiri (1.5.5)
    xcodeproj (0.3.1)
      activesupport (~> 3.2.6)

PLATFORMS
  ruby

DEPENDENCIES
  nokogiri
  xcodeproj
